STORAGE: NONE
NUGET
  remote: https://www.nuget.org/api/v2
    Fable.Core (2.0.3)
      FSharp.Core (>= 4.5.2) - restriction: >= netstandard2.0
    Fable.Import.Node (0.4.3)
      Fable.Core (>= 1.3.8) - restriction: >= netstandard2.0
    FSharp.Core (4.6.1) - restriction: >= netstandard2.0
